GIT
  remote: https://github.com/richpeck/sinatra-asset-pipeline.git
  revision: 37b664a0bd54aeccf0c74592fae3d2ff5b65eddc
  specs:
    sinatra-asset-pipeline (2.2.0)
      coffee-script (~> 2.4)
      rake (~> 12.3)
      sass (~> 3.5)
      sinatra (~> 2.0)
      sprockets (~> 3.7)
      sprockets-helpers (~> 1.2)

GEM
  remote: https://rubygems.org/
  remote: https://rails-assets.org/
  specs:
    actionpack (6.0.2.1)
      actionview (= 6.0.2.1)
      activesupport (= 6.0.2.1)
      rack (~> 2.0, >= 2.0.8)
      rack-test (>= 0.6.3)
      rails-dom-testing (~> 2.0)
      rails-html-sanitizer (~> 1.0, >= 1.2.0)
    actionview (6.0.2.1)
      activesupport (= 6.0.2.1)
      builder (~> 3.1)
      erubi (~> 1.4)
      rails-dom-testing (~> 2.0)
      rails-html-sanitizer (~> 1.1, >= 1.2.0)
    activemodel (6.0.2.1)
      activesupport (= 6.0.2.1)
    activerecord (6.0.2.1)
      activemodel (= 6.0.2.1)
      activesupport (= 6.0.2.1)
    activesupport (6.0.2.1)
      concurrent-ruby (~> 1.0, >= 1.0.2)
      i18n (>= 0.7, < 2)
      minitest (~> 5.1)
      tzinfo (~> 1.1)
      zeitwerk (~> 2.2)
    addressable (2.7.0)
      public_suffix (>= 2.0.2, < 5.0)
    backports (3.16.0)
    bcrypt (3.1.13)
    builder (3.2.4)
    byebug (11.1.1)
    coffee-script (2.4.1)
      coffee-script-source
      execjs
    coffee-script-source (1.12.2)
    concurrent-ruby (1.1.6)
    crass (1.0.6)
    data-confirm-modal (1.6.2)
      railties (>= 3.0)
    dotenv (2.7.5)
    erubi (1.9.0)
    execjs (2.7.0)
    ffi (1.12.2-x64-mingw32)
    foreman (0.87.0)
    haml (5.1.2)
      temple (>= 0.8.0)
      tilt
    humanize (2.4.1)
    i18n (0.9.5)
      concurrent-ruby (~> 1.0)
    loofah (2.4.0)
      crass (~> 1.0.2)
      nokogiri (>= 1.5.9)
    mail (2.7.1)
      mini_mime (>= 0.1.1)
    method_source (0.9.2)
    mini_mime (1.0.2)
    mini_portile2 (2.4.0)
    minitest (5.14.0)
    multi_json (1.14.1)
    mustermann (1.1.1)
      ruby2_keywords (~> 0.0.1)
    nio4r (2.5.2)
    nokogiri (1.11.0.rc1-x64-mingw32)
      mini_portile2 (~> 2.4.0)
    padrino-helpers (0.14.4)
      i18n (~> 0.6, >= 0.6.7)
      padrino-support (= 0.14.4)
      tilt (>= 1.4.1, < 3)
    padrino-support (0.14.4)
    pg (1.2.2-x64-mingw32)
    pony (1.13.1)
      mail (>= 2.0)
    public_suffix (4.0.3)
    puma (4.3.1)
      nio4r (~> 2.0)
    rack (2.2.2)
    rack-flash3 (1.0.5)
      rack
    rack-protection (2.0.8.1)
      rack
    rack-test (1.1.0)
      rack (>= 1.0, < 3)
    rails-assets-bootstrap (4.3.1)
    rails-assets-jquery (3.4.1)
    rails-assets-parsleyjs (2.9.0)
      rails-assets-jquery (> 1.8)
    rails-dom-testing (2.0.3)
      activesupport (>= 4.2.0)
      nokogiri (>= 1.6)
    rails-html-sanitizer (1.3.0)
      loofah (~> 2.3)
    railties (6.0.2.1)
      actionpack (= 6.0.2.1)
      activesupport (= 6.0.2.1)
      method_source
      rake (>= 0.8.7)
      thor (>= 0.20.3, < 2.0)
    rake (12.3.3)
    rb-fsevent (0.10.3)
    rb-inotify (0.10.1)
      ffi (~> 1.0)
    require_all (3.0.0)
    ruby2_keywords (0.0.2)
    sass (3.7.4)
      sass-listen (~> 4.0.0)
    sass-listen (4.0.0)
      rb-fsevent (~> 0.9, >= 0.9.4)
      rb-inotify (~> 0.9, >= 0.9.7)
    sinatra (2.0.8.1)
      mustermann (~> 1.0)
      rack (~> 2.0)
      rack-protection (= 2.0.8.1)
      tilt (~> 2.0)
    sinatra-activerecord (2.0.14)
      activerecord (>= 3.2)
      sinatra (>= 1.0)
    sinatra-contrib (2.0.8.1)
      backports (>= 2.8.2)
      multi_json
      mustermann (~> 1.0)
      rack-protection (= 2.0.8.1)
      sinatra (= 2.0.8.1)
      tilt (~> 2.0)
    sinatra-cors (1.1.0)
    sinatra-redirect-with-flash (0.2.1)
      sinatra (>= 1.0.0)
    sinatra-support (1.2.2)
      sinatra (>= 1.0)
    sprockets (3.7.2)
      concurrent-ruby (~> 1.0)
      rack (> 1, < 3)
    sprockets-helpers (1.2.1)
      sprockets (>= 2.2)
    sqlite3 (1.4.2)
    temple (0.8.2)
    thor (1.0.1)
    thread_safe (0.3.6)
    tilt (2.0.10)
    titleize (1.4.1)
    tzinfo (1.2.6)
      thread_safe (~> 0.1)
    uglifier (4.2.0)
      execjs (>= 0.3.0, < 3)
    warden (1.2.8)
      rack (>= 2.0.6)
    zeitwerk (2.2.2)

PLATFORMS
  x64-mingw32

DEPENDENCIES
  activerecord (~> 6.0, >= 6.0.2.1)
  addressable (~> 2.7)
  bcrypt (~> 3.1, >= 3.1.13)
  byebug
  data-confirm-modal (~> 1.6, >= 1.6.2)
  dotenv
  foreman
  haml (~> 5.1, >= 5.1.2)
  humanize (~> 2.1, >= 2.1.1)
  i18n
  nokogiri (~> 1.11.0.rc1)
  padrino-helpers (~> 0.14.4)
  pg
  pony (~> 1.13, >= 1.13.1)
  puma
  rack-flash3
  rails-assets-bootstrap!
  rails-assets-jquery!
  rails-assets-parsleyjs!
  rake
  require_all (~> 3.0)
  sass (~> 3.7, >= 3.7.4)
  sinatra (~> 2.0, >= 2.0.7)
  sinatra-activerecord (~> 2.0, >= 2.0.14)
  sinatra-asset-pipeline (~> 2.2)!
  sinatra-contrib (~> 2.0, >= 2.0.7)
  sinatra-cors (~> 1.1)
  sinatra-redirect-with-flash (~> 0.2.1)
  sinatra-support (~> 1.2, >= 1.2.2)
  sqlite3
  titleize (~> 1.4, >= 1.4.1)
  uglifier (~> 4.2)
  warden (~> 1.2, >= 1.2.8)

RUBY VERSION
   ruby 2.7.0p0

BUNDLED WITH
   2.1.4
